GEM
  remote: https://rubygems.org/
  specs:
    ast (2.4.0)
    awesome_print (1.8.0)
    bond (0.5.1)
    bson (4.5.0)
    byebug (11.0.1)
    childprocess (1.0.1)
      rake (< 13.0)
    clipboard (1.3.3)
    coderay (1.1.2)
    colorize (0.8.1)
    concurrent-ruby (1.1.5)
    concurrent-ruby-ext (1.1.5)
      concurrent-ruby (= 1.1.5)
    diff-lcs (1.3)
    docile (1.3.1)
    ffi (1.11.1)
    hirb (0.7.3)
    jaro_winkler (1.5.2)
    json (2.2.0)
    looksee (4.1.0)
    method_source (0.9.2)
    mongo (2.8.0)
      bson (>= 4.4.2, < 5.0.0)
    nio4r (2.5.7)
    oj (3.7.12)
    parallel (1.17.0)
    parser (2.6.3.0)
      ast (~> 2.4.0)
    pry (0.12.2)
      coderay (~> 1.1.0)
      method_source (~> 0.9.0)
    pry-bond (0.0.1)
      bond (~> 0.5)
      rb-readline (~> 0.5)
    pry-byebug (3.7.0)
      byebug (~> 11.0)
      pry (~> 0.10)
    pry-clipboard (0.1.1)
      clipboard
      pry
    pry-state (0.1.10)
      pry (~> 0.12.2, >= 0.9.10)
    puma (4.3.8)
      nio4r (~> 2.0)
    rack (2.0.7)
    rack-test (1.1.0)
      rack (>= 1.0, < 3)
    rainbow (3.0.0)
    rake (12.3.2)
    rb-readline (0.5.5)
    roda (3.20.0)
      rack
    rspec (3.8.0)
      rspec-core (~> 3.8.0)
      rspec-expectations (~> 3.8.0)
      rspec-mocks (~> 3.8.0)
    rspec-core (3.8.0)
      rspec-support (~> 3.8.0)
    rspec-expectations (3.8.3)
      diff-lcs (>= 1.2.0, < 2.0)
      rspec-support (~> 3.8.0)
    rspec-mocks (3.8.0)
      diff-lcs (>= 1.2.0, < 2.0)
      rspec-support (~> 3.8.0)
    rspec-support (3.8.0)
    rubocop (0.70.0)
      jaro_winkler (~> 1.5.1)
      parallel (~> 1.10)
      parser (>= 2.6)
      rainbow (>= 2.2.2, < 4.0)
      ruby-progressbar (~> 1.7)
      unicode-display_width (>= 1.4.0, < 1.7)
    rubocop-performance (1.3.0)
      rubocop (>= 0.68.0)
    ruby-progressbar (1.10.1)
    ruby-time_range (0.1.0)
    rufo (0.7.0)
    settingslogic (2.0.9)
    simplecov (0.16.1)
      docile (~> 1.1)
      json (>= 1.8, < 3)
      simplecov-html (~> 0.10.0)
    simplecov-html (0.10.2)
    tzinfo (2.0.0)
      concurrent-ruby (~> 1.0)
    tzinfo-data (1.2018.9)
      tzinfo (>= 1.0.0)
    unicode-display_width (1.6.0)

PLATFORMS
  ruby

DEPENDENCIES
  awesome_print (~> 1.8.0)
  byebug (~> 11.0.1)
  childprocess (~> 1.0.1)
  colorize (~> 0.8.1)
  concurrent-ruby-ext (~> 1.1.5)
  ffi (~> 1.11.1)
  hirb (~> 0.7.3)
  looksee (~> 4.1.0)
  mongo (~> 2.8.0)
  oj (~> 3.7.12)
  parallel (~> 1.17.0)
  pry (~> 0.12.2)
  pry-bond (~> 0.0.1)
  pry-byebug (~> 3.7.0)
  pry-clipboard (~> 0.1.1)
  pry-state (~> 0.1.10)
  puma (~> 4.3.8)
  rack (~> 2.0.7)
  rack-test
  rake (~> 12.3.1)
  roda (~> 3.20.0)
  rspec (~> 3.8.0)
  rubocop (~> 0.70.0)
  rubocop-performance (~> 1.3.0)
  ruby-time_range
  rufo (~> 0.7)
  settingslogic (~> 2.0.9)
  simplecov
  tzinfo (~> 2.0)
  tzinfo-data (~> 1.2018.7)

RUBY VERSION
   ruby 2.6.3p62

BUNDLED WITH
   2.0.1
